GEM
  remote: https://rubygems.org/
  specs:
    cgi (0.5.0)
    diff-lcs (1.6.2)
    erb (4.0.4)
      cgi (>= 0.3.3)
    rspec (3.13.1)
      rspec-core (~> 3.13.0)
      rspec-expectations (~> 3.13.0)
      rspec-mocks (~> 3.13.0)
    rspec-core (3.13.5)
      rspec-support (~> 3.13.0)
    rspec-expectations (3.13.5)
      diff-lcs (>= 1.2.0, < 2.0)
      rspec-support (~> 3.13.0)
    rspec-mocks (3.13.6)
      diff-lcs (>= 1.2.0, < 2.0)
      rspec-support (~> 3.13.0)
    rspec-support (3.13.6)

PLATFORMS
  ruby
  x86_64-darwin-24

DEPENDENCIES
  erb (~> 4.0)
  rspec (~> 3.12)

RUBY VERSION
   ruby 3.4.7p58

BUNDLED WITH
   2.6.8
